GIT
  remote: git://github.com/paulasmuth/recommendify.git
  revision: 34308c41800a0ea9b02842c4cf84e8bcc5dd1f63
  ref: 34308c4
  specs:
    recommendify (0.3.6)
      redis (>= 2.2.2)

GIT
  remote: git://github.com/rubyzip/rubyzip.git
  revision: 3917dedbb5bf92db71e1804ea2e8dbac3d2891dd
  specs:
    rubyzip (1.1.0)

GIT
  remote: git://github.com/ryanb/nested_form.git
  revision: 42028bc06e72a848d297edc1467a969a7c9def57
  specs:
    nested_form (0.3.2)

GIT
  remote: git://github.com/tsujigiri/mendeley.git
  revision: 79e8b8417c6245a999aa2e46968f16be5c883bbd
  branch: paging_search
  specs:
    mendeley (0.0.3)
      rest-client
      yajl-ruby

GEM
  remote: http://rubygems.org/
  specs:
    actionmailer (4.1.9)
      actionpack (= 4.1.9)
      actionview (= 4.1.9)
      mail (~> 2.5, >= 2.5.4)
    actionpack (4.1.9)
      actionview (= 4.1.9)
      activesupport (= 4.1.9)
      rack (~> 1.5.2)
      rack-test (~> 0.6.2)
    actionview (4.1.9)
      activesupport (= 4.1.9)
      builder (~> 3.1)
      erubis (~> 2.7.0)
    activemodel (4.1.9)
      activesupport (= 4.1.9)
      builder (~> 3.1)
    activerecord (4.1.9)
      activemodel (= 4.1.9)
      activesupport (= 4.1.9)
      arel (~> 5.0.0)
    activerecord-import (0.7.0)
      activerecord (>= 3.0)
    activesupport (4.1.9)
      i18n (~> 0.6, >= 0.6.9)
      json (~> 1.7, >= 1.7.7)
      minitest (~> 5.1)
      thread_safe (~> 0.1)
      tzinfo (~> 1.1)
    addressable (2.3.5)
    airbrake (4.0.0)
      builder
      multi_json
    arel (5.0.1.20140414130214)
    authlogic (3.4.5)
      activerecord (>= 3.2)
      activesupport (>= 3.2)
      request_store (~> 1.0)
      scrypt (~> 1.2)
    bcrypt-ruby (3.1.2)
    builder (3.2.2)
    capistrano (2.15.5)
      highline
      net-scp (>= 1.0.0)
      net-sftp (>= 2.0.0)
      net-ssh (>= 2.0.14)
      net-ssh-gateway (>= 1.1.0)
    capybara (2.4.4)
      mime-types (>= 1.16)
      nokogiri (>= 1.3.3)
      rack (>= 1.0.0)
      rack-test (>= 0.5.4)
      xpath (~> 2.0)
    celluloid (0.15.2)
      timers (~> 1.1.0)
    chronic (0.10.2)
    climate_control (0.0.3)
      activesupport (>= 3.0)
    cocaine (0.5.4)
      climate_control (>= 0.0.3, < 1.0)
    coderay (1.1.0)
    composite_primary_keys (7.0.13)
      activerecord (~> 4.1.7)
    connection_pool (1.1.0)
    crack (0.4.1)
      safe_yaml (~> 0.9.0)
    database_cleaner (1.3.0)
    diff-lcs (1.2.5)
    dynamic_form (1.1.4)
    erubis (2.7.0)
    execjs (2.0.2)
    factory_girl (4.5.0)
      activesupport (>= 3.0.0)
    factory_girl_rails (4.5.0)
      factory_girl (~> 4.5.0)
      railties (>= 3.0.0)
    ffi (1.9.3)
    ffi-compiler (0.1.3)
      ffi (>= 1.0.0)
      rake
    fitgem (0.10.0)
      oauth
    formatador (0.2.5)
    friendly_id (5.1.0)
      activerecord (>= 4.0.0)
    guard (2.6.1)
      formatador (>= 0.2.4)
      listen (~> 2.7)
      lumberjack (~> 1.0)
      pry (>= 0.9.12)
      thor (>= 0.18.1)
    guard-rspec (4.3.1)
      guard (~> 2.1)
      rspec (>= 2.14, < 4.0)
    highline (1.7.1)
    hike (1.2.3)
    i18n (0.7.0)
    jquery-rails (2.3.0)
      railties (>= 3.0, < 5.0)
      thor (>= 0.14, < 2.0)
    jquery-ui-rails (4.1.0)
      railties (>= 3.1.0)
    json (1.8.2)
    libv8 (3.16.14.3)
    listen (2.7.9)
      celluloid (>= 0.15.2)
      rb-fsevent (>= 0.9.3)
      rb-inotify (>= 0.9)
    lograge (0.3.0)
      actionpack (>= 3)
      activesupport (>= 3)
      railties (>= 3)
    lumberjack (1.0.9)
    mail (2.6.3)
      mime-types (>= 1.16, < 3)
    mediawiki-gateway (0.6.1)
      activesupport
      rest-client (>= 1.3.0)
    metaclass (0.0.1)
    method_source (0.8.2)
    mime-types (2.4.3)
    mini_portile (0.6.2)
    minitest (5.5.1)
    mocha (0.14.0)
      metaclass (~> 0.0.1)
    multi_json (1.11.0)
    net-scp (1.2.1)
      net-ssh (>= 2.6.5)
    net-sftp (2.1.2)
      net-ssh (>= 2.6.5)
    net-ssh (2.9.2)
    net-ssh-gateway (1.2.0)
      net-ssh (>= 2.6.5)
    netrc (0.7.7)
    newrelic_rpm (3.6.8.168)
    nokogiri (1.6.6.2)
      mini_portile (~> 0.6.0)
    oauth (0.4.7)
    paperclip (4.1.1)
      activemodel (>= 3.0.0)
      activesupport (>= 3.0.0)
      cocaine (~> 0.5.3)
      mime-types
    pg (0.17.0)
    pg_search (0.7.8)
      activerecord (>= 3.1)
      activesupport (>= 3.1)
      arel
    plos (0.0.7)
      nokogiri
      rest-client
    power_assert (0.2.3)
    pry (0.10.1)
      coderay (~> 1.1.0)
      method_source (~> 0.8.1)
      slop (~> 3.4)
    pry-rails (0.3.3)
      pry (>= 0.9.10)
    rack (1.5.2)
    rack-protection (1.5.1)
      rack
    rack-test (0.6.3)
      rack (>= 1.0)
    rails (4.1.9)
      actionmailer (= 4.1.9)
      actionpack (= 4.1.9)
      actionview (= 4.1.9)
      activemodel (= 4.1.9)
      activerecord (= 4.1.9)
      activesupport (= 4.1.9)
      bundler (>= 1.3.0, < 2.0)
      railties (= 4.1.9)
      sprockets-rails (~> 2.0)
    rails3-generators (1.0.0)
      railties (>= 3.0.0)
    railties (4.1.9)
      actionpack (= 4.1.9)
      activesupport (= 4.1.9)
      rake (>= 0.8.7)
      thor (>= 0.18.1, < 2.0)
    rake (10.4.2)
    rb-fsevent (0.9.4)
    rb-inotify (0.9.5)
      ffi (>= 0.5.0)
    recaptcha (0.3.5)
    redis (3.0.5)
    redis-namespace (1.3.1)
      redis (~> 3.0.0)
    ref (1.0.5)
    request_store (1.1.0)
    rest-client (1.7.2)
      mime-types (>= 1.16, < 3.0)
      netrc (~> 0.7)
    rspec (3.0.0)
      rspec-core (~> 3.0.0)
      rspec-expectations (~> 3.0.0)
      rspec-mocks (~> 3.0.0)
    rspec-core (3.0.4)
      rspec-support (~> 3.0.0)
    rspec-expectations (3.0.4)
      diff-lcs (>= 1.2.0, < 2.0)
      rspec-support (~> 3.0.0)
    rspec-mocks (3.0.4)
      rspec-support (~> 3.0.0)
    rspec-rails (3.0.2)
      actionpack (>= 3.0)
      activesupport (>= 3.0)
      railties (>= 3.0)
      rspec-core (~> 3.0.0)
      rspec-expectations (~> 3.0.0)
      rspec-mocks (~> 3.0.0)
      rspec-support (~> 3.0.0)
    rspec-support (3.0.4)
    rvm-capistrano (1.4.4)
      capistrano (>= 2.15.4)
    safe_yaml (0.9.7)
    sanitize (2.0.6)
      nokogiri (>= 1.4.4)
    sass (3.2.12)
    scrypt (1.2.1)
      ffi-compiler (>= 0.0.2)
      rake
    shoulda-context (1.2.1)
    sidekiq (2.16.0)
      celluloid (>= 0.15.2)
      connection_pool (>= 1.0.0)
      json
      redis (>= 3.0.4)
      redis-namespace (>= 1.3.1)
    sidekiq-limit_fetch (2.1.2)
      sidekiq (>= 2.6.5, < 3)
    simplecov (0.7.1)
      multi_json (~> 1.0)
      simplecov-html (~> 0.7.1)
    simplecov-html (0.7.1)
    sinatra (1.4.4)
      rack (~> 1.4)
      rack-protection (~> 1.4)
      tilt (~> 1.3, >= 1.3.4)
    slim (1.3.9)
      temple (~> 0.6.3)
      tilt (~> 1.3, >= 1.3.3)
    slop (3.6.0)
    spring (1.1.3)
    spring-commands-rspec (1.0.2)
      spring (>= 0.9.1)
    sprockets (2.12.3)
      hike (~> 1.2)
      multi_json (~> 1.0)
      rack (~> 1.0)
      tilt (~> 1.1, != 1.3.0)
    sprockets-rails (2.2.4)
      actionpack (>= 3.0)
      activesupport (>= 3.0)
      sprockets (>= 2.8, < 4.0)
    temple (0.6.7)
    test-unit (3.0.9)
      power_assert
    therubyracer (0.12.0)
      libv8 (~> 3.16.14.0)
      ref
    thor (0.19.1)
    thread_safe (0.3.5)
    tilt (1.4.1)
    timers (1.1.0)
    twitter-bootstrap-rails (2.2.8)
      actionpack (>= 3.1)
      execjs
      rails (>= 3.1)
      railties (>= 3.1)
    tzinfo (1.2.2)
      thread_safe (~> 0.1)
    uglifier (2.3.0)
      execjs (>= 0.3.0)
      json (>= 1.8.0)
    uuidtools (2.1.4)
    vcr (2.8.0)
    vegas (0.1.11)
      rack (>= 1.0.0)
    webmock (1.16.0)
      addressable (>= 2.2.7)
      crack (>= 0.3.2)
    whenever (0.9.2)
      activesupport (>= 2.3.4)
      chronic (>= 0.6.3)
    will_paginate (3.0.5)
    xpath (2.0.0)
      nokogiri (~> 1.3)
    yajl-ruby (1.1.0)
    yui-compressor (0.12.0)

PLATFORMS
  ruby

DEPENDENCIES
  activerecord-import (>= 0.4.0)
  airbrake
  authlogic
  bcrypt-ruby
  capistrano (~> 2.0)
  capybara
  composite_primary_keys (~> 7.0)
  database_cleaner
  dynamic_form
  execjs
  factory_girl_rails
  fitgem
  friendly_id
  guard-rspec
  i18n (>= 0.6.6)
  jquery-rails
  jquery-ui-rails
  json
  lograge
  mediawiki-gateway
  mendeley!
  minitest
  mocha
  nested_form!
  newrelic_rpm
  paperclip (~> 4.0)
  pg
  pg_search
  plos
  pry-rails
  rails (~> 4.1.0)
  rails3-generators
  recaptcha
  recommendify!
  rspec-rails
  rubyzip!
  rvm-capistrano (= 1.4.4)
  sanitize
  sass
  shoulda-context
  sidekiq
  sidekiq-limit_fetch
  simplecov
  sinatra
  slim (~> 1.3.8)
  spring
  spring-commands-rspec
  test-unit
  therubyracer
  twitter-bootstrap-rails
  uglifier
  uuidtools
  vcr
  vegas
  webmock
  whenever
  will_paginate
  yui-compressor
